GEM
  remote: https://rubygems.org/
  specs:
    finalizable (0.1.1)

PLATFORMS
  ruby

DEPENDENCIES
  finalizable (~> 0.1.1)

BUNDLED WITH
   2.1.2
